PATH
  remote: .
  specs:
    business_time (0.6.1)
      activesupport (>= 3.1.0)
      tzinfo (~> 0.3.31)

GEM
  remote: http://rubygems.org/
  specs:
    activesupport (3.2.7)
      i18n (~> 0.6)
      multi_json (~> 1.0)
    i18n (0.6.0)
    json (1.6.6)
    multi_json (1.3.6)
    rake (0.9.2.2)
    rdoc (3.12)
      json (~> 1.4)
    shoulda (2.11.3)
    tzinfo (0.3.33)

PLATFORMS
  ruby

DEPENDENCIES
  business_time!
  rake (>= 0.9.2)
  rdoc
  shoulda
